GEM
  remote: https://rubygems.org/
  specs:
    awesome_print (1.2.0)
    httpclient (2.3.4.1)
    scraperwiki (3.0.2)
      httpclient
      sqlite_magic
    sqlite3 (1.3.9)
    sqlite_magic (0.0.3)
      sqlite3

PLATFORMS
  ruby

DEPENDENCIES
  awesome_print
  scraperwiki
  sqlite3
