GEM
  remote: https://rubygems.org/
  specs:
    awesome_print (1.2.0)
    retriable (1.4.1)
    sqlite3 (1.3.9)

PLATFORMS
  ruby

DEPENDENCIES
  awesome_print
  retriable
  sqlite3
